GEM
  remote: https://rubygems.org/
  specs:
    base64 (0.2.0)
    bigdecimal (3.1.5)
    bson (4.15.0)
    mongo (2.19.3)
      bson (>= 4.14.1, < 5.0.0)
    multi_json (1.15.0)
    mustermann (3.0.0)
      ruby2_keywords (~> 0.0.1)
    oj (3.16.3)
      bigdecimal (>= 3.0)
    ruby2_keywords (0.0.5)
    spyder (0.1.1)
      mustermann (~> 3.0)

PLATFORMS
  arm64-darwin-23
  ruby

DEPENDENCIES
  base64
  mongo
  multi_json
  oj
  spyder (~> 0.1.1)

BUNDLED WITH
   2.5.6
