PATH
  remote: /Users/ap/prj/spyder
  specs:
    spyder (0.1.0)
      mustermann (~> 3.0)

GEM
  remote: https://rubygems.org/
  specs:
    bigdecimal (3.1.5)
    byebug (11.1.3)
    coderay (1.1.3)
    method_source (1.0.0)
    multi_json (1.15.0)
    mustermann (3.0.0)
      ruby2_keywords (~> 0.0.1)
    oj (3.16.3)
      bigdecimal (>= 3.0)
    pry (0.14.2)
      coderay (~> 1.1)
      method_source (~> 1.0)
    pry-byebug (3.10.1)
      byebug (~> 11.0)
      pry (>= 0.13, < 0.15)
    ruby2_keywords (0.0.5)

PLATFORMS
  arm64-darwin-23
  ruby

DEPENDENCIES
  multi_json
  oj
  pry-byebug
  spyder!

BUNDLED WITH
   2.5.6
