GEM
  remote: https://rubygems.org/
  specs:
    base64 (0.2.0)
    bigdecimal (3.1.5)
    bson (4.15.0)
    byebug (11.1.3)
    coderay (1.1.3)
    method_source (1.0.0)
    mongo (2.19.3)
      bson (>= 4.14.1, < 5.0.0)
    multi_json (1.15.0)
    oj (3.16.3)
      bigdecimal (>= 3.0)
    pry (0.14.2)
      coderay (~> 1.1)
      method_source (~> 1.0)
    pry-byebug (3.10.1)
      byebug (~> 11.0)
      pry (>= 0.13, < 0.15)

PLATFORMS
  arm64-darwin-23
  ruby

DEPENDENCIES
  base64
  mongo
  multi_json
  oj
  pry-byebug

BUNDLED WITH
   2.5.6
